NUGET
  remote: https://nuget.org/api/v2
  specs:
    FAKE (3.14.0)
    FsCheck (1.0.4)
    FsCheck.Xunit (1.0.4)
      FsCheck (>= 1.0.4)
      xunit (>= 1.9.2)
    FSharp.Compiler.Service (0.0.81)
    FSharp.Core.Microsoft.Signed (3.1.1.1)
    FSharp.Formatting (2.6.1)
      FSharp.Compiler.Service (>= 0.0.81)
    Microsoft.Bcl (1.1.9)
      Microsoft.Bcl.Build (>= 1.0.14)
    Microsoft.Bcl.Build (1.0.21)
    Microsoft.Net.Http (2.2.28)
      Microsoft.Bcl (>= 1.1.9)
      Microsoft.Bcl.Build (>= 1.0.14)
    NuGet.CommandLine (2.8.3)
    NUnit (2.6.4)
    NUnit.Runners (2.6.4)
    Octokit (0.6.2)
      Microsoft.Net.Http
    SourceLink.Fake (0.4.2)
    xunit (1.9.2)
    xunit.runners (1.9.2)
GITHUB
  remote: fsharp/FAKE
  specs:
    modules/Octokit/Octokit.fsx (4a80fa4c081a42f3211033fb0465e2f924d8bdb8)
      Octokit